GEM
  remote: https://rubygems.org/
  specs:
    CFPropertyList (2.3.6)
    diff-lcs (1.3)
    facter (2.5.1)
    facter (2.5.1-universal-darwin)
      CFPropertyList (~> 2.2)
    hiera (2.0.0)
      json_pure
    json_pure (2.1.0)
    metaclass (0.0.4)
    mocha (1.5.0)
      metaclass (~> 0.0.1)
    psych (3.0.2)
    puppet (3.8.7.xoom.2)
      facter (>= 1.7, < 3)
      hiera (>= 1.0, < 3)
      psych (>= 2.2)
    puppet-lint (2.3.5)
    puppet-syntax (2.4.1)
      rake
    puppetlabs_spec_helper (2.9.1)
      mocha (~> 1.0)
      puppet-lint (~> 2.0)
      puppet-syntax (~> 2.0)
      rspec-puppet (~> 2.0)
    rake (12.3.1)
    rspec (3.7.0)
      rspec-core (~> 3.7.0)
      rspec-expectations (~> 3.7.0)
      rspec-mocks (~> 3.7.0)
    rspec-core (3.7.1)
      rspec-support (~> 3.7.0)
    rspec-expectations (3.7.0)
      diff-lcs (>= 1.2.0, < 2.0)
      rspec-support (~> 3.7.0)
    rspec-mocks (3.7.0)
      diff-lcs (>= 1.2.0, < 2.0)
      rspec-support (~> 3.7.0)
    rspec-puppet (2.6.13)
      rspec
    rspec-support (3.7.1)
    xmlrpc (0.3.0)

PLATFORMS
  ruby
  x86_64-darwin-16

DEPENDENCIES
  facter (>= 1.7.0)
  puppet (>= 3.3)
  puppet-lint (>= 0.3.2)
  puppetlabs_spec_helper (>= 0.1.0)
  xmlrpc

BUNDLED WITH
   1.16.2
